GEM
  remote: https://rubygems.org/
  specs:
    activesupport (4.2.5.1)
      i18n (~> 0.7)
      json (~> 1.7, >= 1.7.7)
      minitest (~> 5.1)
      thread_safe (~> 0.3, >= 0.3.4)
      tzinfo (~> 1.1)
    aws-sdk (2.2.15)
      aws-sdk-resources (= 2.2.15)
    aws-sdk-core (2.2.15)
      jmespath (~> 1.0)
    aws-sdk-resources (2.2.15)
      aws-sdk-core (= 2.2.15)
    colored (1.2)
    diff-lcs (1.2.5)
    eventmachine (1.0.8)
    git-up (0.5.12)
      colored (>= 1.2)
      grit
    grit (2.5.0)
      diff-lcs (~> 1.1)
      mime-types (~> 1.15)
      posix-spawn (~> 0.3.6)
    httparty (0.14.0)
      multi_xml (>= 0.5.2)
    i18n (0.7.0)
    jmespath (1.1.3)
    json (1.8.3)
    mime-types (1.25.1)
    minitest (5.8.4)
    multi_xml (0.5.5)
    posix-spawn (0.3.11)
    rufus-scheduler (2.0.24)
      tzinfo (>= 0.3.22)
    thread_safe (0.3.5)
    time_difference (0.4.2)
      activesupport
    tzinfo (1.2.2)
      thread_safe (~> 0.1)

PLATFORMS
  ruby

DEPENDENCIES
  aws-sdk (~> 2.2, >= 2.2.14)
  eventmachine (= 1.0.8)
  git-up
  httparty
  rufus-scheduler (= 2.0.24)
  time_difference (~> 0.4.2)

BUNDLED WITH
   1.11.2
